STORAGE: NONE
STRATEGY: MIN
RESTRICTION: == net461
NUGET
  remote: https://api.nuget.org/v3/index.json
    FSharp.Core (4.3.4)
    HtmlAgilityPack (1.7.1)
    Microsoft.Owin (3.0)
      Owin (>= 1.0)
    Owin (1.0)
    Suave (2.5.6)
      FSharp.Core (>= 4.3.4)
    System.Reflection.Emit.Lightweight (4.3)
  remote: https://daily.websharper.com/nuget
    WebSharper (4.7.1.426)
      FSharp.Core (>= 4.2.3)
      System.Reflection.Emit.Lightweight (>= 4.3)
    WebSharper.FSharp (4.7.1.426)
      WebSharper (4.7.1.426)
    WebSharper.Owin (4.7.1.212)
      Microsoft.Owin (>= 3.0)
      Owin (>= 1.0 < 2.0)
      WebSharper (>= 4.7.1 < 4.8)
    WebSharper.Testing (4.7.1.426)
      WebSharper (4.7.1.426)
    WebSharper.Tests (4.7.1.426)
      WebSharper (4.7.1.426)
      WebSharper.Testing (4.7.1.426)
    WebSharper.UI (4.7.1.234)
      HtmlAgilityPack (>= 1.7.1)
      WebSharper (>= 4.7.1 < 4.8)

GROUP wsbuild

GIT
  remote: https://github.com/dotnet-websharper/build-script
     (7155f2cb840374092cbe8eb2c8f1399c5c97f4af)